GIT
  remote: https://github.com/capistrano/rbenv.git
  revision: c029e4128e4a8f25adda35795f5729bd4f62e51f
  specs:
    capistrano-rbenv (2.1.3)
      capistrano (~> 3.1)
      sshkit (~> 1.3)

PATH
  remote: /Users/rightsolutions/Projects/Products/dhatu
  specs:
    dhatu (0.1.18)
      active_model_serializers (~> 0.10.6)
      bcrypt (~> 3.0)
      bootstrap-kaminari-views (~> 0.0.5)
      colorize (~> 0.8)
      filesize (~> 0.1.1)
      jquery-rails (~> 4.2, >= 4.2.2)
      kaminari (~> 1.0, >= 1.0.1)
      kuppayam (~> 0.1, >= 0.1.30)
      pattana (~> 0.1, >= 0.1.22)
      rails (~> 5.0, >= 5.0.2)
      state_machines (~> 0)
      state_machines-activerecord (~> 0)
      usman (~> 0.3, >= 0.3.33)

PATH
  remote: /Users/rightsolutions/Projects/Products/kuppayam
  specs:
    kuppayam (0.1.31)
      bcrypt (~> 3.0)
      bootstrap-kaminari-views (~> 0.0.5)
      colorize (~> 0.8)
      filesize (~> 0.1.1)
      iconv (~> 1.0)
      jquery-rails (~> 4.2, >= 4.2.2)
      kaminari (~> 1.0, >= 1.0.1)
      rails (~> 5.0, >= 5.0.2)
      state_machines (~> 0.5.0)
      state_machines-activerecord (~> 0.5.0)

PATH
  remote: /Users/rightsolutions/Projects/Products/pattana
  specs:
    pattana (0.1.22)
      active_model_serializers (~> 0.10.6)
      bcrypt (~> 3.0)
      bootstrap-kaminari-views (~> 0.0.5)
      colorize (~> 0.8)
      filesize (~> 0.1.1)
      jquery-rails (~> 4.2, >= 4.2.2)
      kaminari (~> 1.0, >= 1.0.1)
      kuppayam (~> 0.1, >= 0.1.30)
      rails (~> 5.0, >= 5.0.2)

PATH
  remote: /Users/rightsolutions/Projects/Products/sbidu_generators
  specs:
    sbidu_generators (0.1.0)
      rails (~> 5.1, >= 5.1.4)

PATH
  remote: /Users/rightsolutions/Projects/Products/usman
  specs:
    usman (0.3.33)
      aws-sdk-sns (~> 1.1, >= 1.1.0)
      bcrypt (~> 3.0)
      bootstrap-kaminari-views (~> 0.0.5)
      colorize (~> 0.8)
      filesize (~> 0.1.1)
      jquery-rails (~> 4.2, >= 4.2.2)
      kaminari (~> 1.0, >= 1.0.1)
      kuppayam (~> 0.1, >= 0.1.30)
      pattana (~> 0.1, >= 0.1.22)
      rails (~> 5.0, >= 5.0.2)
      state_machines (~> 0)
      state_machines-activerecord (~> 0)

GEM
  remote: https://rubygems.org/
  specs:
    actioncable (5.1.4)
      actionpack (= 5.1.4)
      nio4r (~> 2.0)
      websocket-driver (~> 0.6.1)
    actionmailer (5.1.4)
      actionpack (= 5.1.4)
      actionview (= 5.1.4)
      activejob (= 5.1.4)
      mail (~> 2.5, >= 2.5.4)
      rails-dom-testing (~> 2.0)
    actionpack (5.1.4)
      actionview (= 5.1.4)
      activesupport (= 5.1.4)
      rack (~> 2.0)
      rack-test (>= 0.6.3)
      rails-dom-testing (~> 2.0)
      rails-html-sanitizer (~> 1.0, >= 1.0.2)
    actionview (5.1.4)
      activesupport (= 5.1.4)
      builder (~> 3.1)
      erubi (~> 1.4)
      rails-dom-testing (~> 2.0)
      rails-html-sanitizer (~> 1.0, >= 1.0.3)
    active_model_serializers (0.10.7)
      actionpack (>= 4.1, < 6)
      activemodel (>= 4.1, < 6)
      case_transform (>= 0.2)
      jsonapi-renderer (>= 0.1.1.beta1, < 0.3)
    activejob (5.1.4)
      activesupport (= 5.1.4)
      globalid (>= 0.3.6)
    activemodel (5.1.4)
      activesupport (= 5.1.4)
    activerecord (5.1.4)
      activemodel (= 5.1.4)
      activesupport (= 5.1.4)
      arel (~> 8.0)
    activesupport (5.1.4)
      concurrent-ruby (~> 1.0, >= 1.0.2)
      i18n (~> 0.7)
      minitest (~> 5.1)
      tzinfo (~> 1.1)
    addressable (2.5.2)
      public_suffix (>= 2.0.2, < 4.0)
    airbrussh (1.3.0)
      sshkit (>= 1.6.1, != 1.7.0)
    arel (8.0.0)
    aws-partitions (1.52.0)
    aws-sdk-core (3.13.0)
      aws-partitions (~> 1.0)
      aws-sigv4 (~> 1.0)
      jmespath (~> 1.0)
    aws-sdk-sns (1.1.0)
      aws-sdk-core (~> 3)
      aws-sigv4 (~> 1.0)
    aws-sigv4 (1.0.2)
    bcrypt (3.1.11)
    bindex (0.5.0)
    bootstrap-kaminari-views (0.0.5)
      kaminari (>= 0.13)
      rails (>= 3.1)
    builder (3.2.3)
    byebug (9.1.0)
    capistrano (3.10.1)
      airbrussh (>= 1.0.0)
      i18n
      rake (>= 10.0.0)
      sshkit (>= 1.9.0)
    capistrano-bundler (1.3.0)
      capistrano (~> 3.1)
      sshkit (~> 1.2)
    capistrano-rails (1.3.1)
      capistrano (~> 3.1)
      capistrano-bundler (~> 1.1)
    capistrano3-puma (3.1.1)
      capistrano (~> 3.7)
      capistrano-bundler
      puma (~> 3.4)
    capybara (2.16.1)
      addressable
      mini_mime (>= 0.1.3)
      nokogiri (>= 1.3.3)
      rack (>= 1.0.0)
      rack-test (>= 0.5.4)
      xpath (~> 2.0)
    carrierwave (1.2.1)
      activemodel (>= 4.0.0)
      activesupport (>= 4.0.0)
      mime-types (>= 1.16)
    carrierwave-base64 (2.6.1)
      carrierwave (>= 0.8.0)
      mime-types (~> 3.0)
    case_transform (0.2)
      activesupport
    childprocess (0.8.0)
      ffi (~> 1.0, >= 1.0.11)
    coderay (1.1.2)
    coffee-rails (4.2.2)
      coffee-script (>= 2.2.0)
      railties (>= 4.0.0)
    coffee-script (2.4.1)
      coffee-script-source
      execjs
    coffee-script-source (1.12.2)
    colorize (0.8.1)
    concurrent-ruby (1.0.5)
    crass (1.0.3)
    database_cleaner (1.6.2)
    diff-lcs (1.3)
    erubi (1.7.0)
    execjs (2.7.0)
    factory_bot (4.8.2)
      activesupport (>= 3.0.0)
    factory_bot_rails (4.8.2)
      factory_bot (~> 4.8.2)
      railties (>= 3.0.0)
    ffi (1.9.18)
    filesize (0.1.1)
    globalid (0.4.1)
      activesupport (>= 4.2.0)
    i18n (0.9.1)
      concurrent-ruby (~> 1.0)
    iconv (1.0.5)
    jbuilder (2.7.0)
      activesupport (>= 4.2.0)
      multi_json (>= 1.2)
    jmespath (1.3.1)
    jquery-rails (4.3.1)
      rails-dom-testing (>= 1, < 3)
      railties (>= 4.2.0)
      thor (>= 0.14, < 2.0)
    jsonapi-renderer (0.2.0)
    kaminari (1.1.1)
      activesupport (>= 4.1.0)
      kaminari-actionview (= 1.1.1)
      kaminari-activerecord (= 1.1.1)
      kaminari-core (= 1.1.1)
    kaminari-actionview (1.1.1)
      actionview
      kaminari-core (= 1.1.1)
    kaminari-activerecord (1.1.1)
      activerecord
      kaminari-core (= 1.1.1)
    kaminari-core (1.1.1)
    libv8 (3.16.14.19)
    listen (3.1.5)
      rb-fsevent (~> 0.9, >= 0.9.4)
      rb-inotify (~> 0.9, >= 0.9.7)
      ruby_dep (~> 1.2)
    loofah (2.1.1)
      crass (~> 1.0.2)
      nokogiri (>= 1.5.9)
    mail (2.7.0)
      mini_mime (>= 0.1.1)
    method_source (0.8.2)
    mime-types (3.1)
      mime-types-data (~> 3.2015)
    mime-types-data (3.2016.0521)
    mini_magick (4.8.0)
    mini_mime (1.0.0)
    mini_portile2 (2.3.0)
    minitest (5.10.3)
    multi_json (1.12.2)
    mysql2 (0.4.10)
    net-scp (1.2.1)
      net-ssh (>= 2.6.5)
    net-ssh (4.2.0)
    nio4r (2.2.0)
    nokogiri (1.8.1)
      mini_portile2 (~> 2.3.0)
    pry (0.10.4)
      coderay (~> 1.1.0)
      method_source (~> 0.8.1)
      slop (~> 3.4)
    public_suffix (3.0.1)
    puma (3.11.0)
    rack (2.0.3)
    rack-test (0.8.2)
      rack (>= 1.0, < 3)
    rails (5.1.4)
      actioncable (= 5.1.4)
      actionmailer (= 5.1.4)
      actionpack (= 5.1.4)
      actionview (= 5.1.4)
      activejob (= 5.1.4)
      activemodel (= 5.1.4)
      activerecord (= 5.1.4)
      activesupport (= 5.1.4)
      bundler (>= 1.3.0)
      railties (= 5.1.4)
      sprockets-rails (>= 2.0.0)
    rails-dom-testing (2.0.3)
      activesupport (>= 4.2.0)
      nokogiri (>= 1.6)
    rails-html-sanitizer (1.0.3)
      loofah (~> 2.0)
    railties (5.1.4)
      actionpack (= 5.1.4)
      activesupport (= 5.1.4)
      method_source
      rake (>= 0.8.7)
      thor (>= 0.18.1, < 2.0)
    rake (12.3.0)
    rb-fsevent (0.10.2)
    rb-inotify (0.9.10)
      ffi (>= 0.5.0, < 2)
    ref (2.0.0)
    rspec-core (3.7.0)
      rspec-support (~> 3.7.0)
    rspec-expectations (3.7.0)
      diff-lcs (>= 1.2.0, < 2.0)
      rspec-support (~> 3.7.0)
    rspec-mocks (3.7.0)
      diff-lcs (>= 1.2.0, < 2.0)
      rspec-support (~> 3.7.0)
    rspec-rails (3.7.2)
      actionpack (>= 3.0)
      activesupport (>= 3.0)
      railties (>= 3.0)
      rspec-core (~> 3.7.0)
      rspec-expectations (~> 3.7.0)
      rspec-mocks (~> 3.7.0)
      rspec-support (~> 3.7.0)
    rspec-support (3.7.0)
    ruby_dep (1.5.0)
    rubyzip (1.2.1)
    sass (3.5.4)
      sass-listen (~> 4.0.0)
    sass-listen (4.0.0)
      rb-fsevent (~> 0.9, >= 0.9.4)
      rb-inotify (~> 0.9, >= 0.9.7)
    sass-rails (5.0.7)
      railties (>= 4.0.0, < 6)
      sass (~> 3.1)
      sprockets (>= 2.8, < 4.0)
      sprockets-rails (>= 2.0, < 4.0)
      tilt (>= 1.1, < 3)
    selenium-webdriver (3.8.0)
      childprocess (~> 0.5)
      rubyzip (~> 1.0)
    shoulda (3.5.0)
      shoulda-context (~> 1.0, >= 1.0.1)
      shoulda-matchers (>= 1.4.1, < 3.0)
    shoulda-context (1.2.2)
    shoulda-matchers (2.8.0)
      activesupport (>= 3.0.0)
    slop (3.6.0)
    spring (2.0.2)
      activesupport (>= 4.2)
    spring-watcher-listen (2.0.1)
      listen (>= 2.7, < 4.0)
      spring (>= 1.2, < 3.0)
    sprockets (3.7.1)
      concurrent-ruby (~> 1.0)
      rack (> 1, < 3)
    sprockets-rails (3.2.1)
      actionpack (>= 4.0)
      activesupport (>= 4.0)
      sprockets (>= 3.0.0)
    sshkit (1.15.1)
      net-scp (>= 1.1.2)
      net-ssh (>= 2.8.0)
    state_machines (0.5.0)
    state_machines-activemodel (0.5.0)
      activemodel (>= 4.1, < 5.2)
      state_machines (>= 0.5.0)
    state_machines-activerecord (0.5.0)
      activerecord (>= 4.1, < 5.2)
      state_machines-activemodel (>= 0.5.0)
    therubyracer (0.12.3)
      libv8 (~> 3.16.14.15)
      ref
    thor (0.20.0)
    thread_safe (0.3.6)
    tilt (2.0.8)
    turbolinks (5.0.1)
      turbolinks-source (~> 5)
    turbolinks-source (5.0.3)
    tzinfo (1.2.4)
      thread_safe (~> 0.1)
    uglifier (4.0.2)
      execjs (>= 0.3.0, < 3)
    web-console (3.5.1)
      actionview (>= 5.0)
      activemodel (>= 5.0)
      bindex (>= 0.4.0)
      railties (>= 5.0)
    websocket-driver (0.6.5)
      websocket-extensions (>= 0.1.0)
    websocket-extensions (0.1.3)
    xpath (2.1.0)
      nokogiri (~> 1.3)

PLATFORMS
  ruby

DEPENDENCIES
  active_model_serializers
  byebug
  capistrano
  capistrano-bundler
  capistrano-rails
  capistrano-rbenv!
  capistrano3-puma
  capybara (~> 2.13)
  carrierwave (~> 1.1, >= 1.1.0)
  carrierwave-base64
  coffee-rails (~> 4.2)
  colorize
  database_cleaner
  dhatu!
  factory_bot_rails
  filesize (~> 0.1, >= 0.1.0)
  jbuilder (~> 2.5)
  kaminari
  kuppayam!
  listen (>= 3.0.5, < 3.2)
  mini_magick (~> 4.8, >= 4.8.0)
  mysql2 (>= 0.3.18, < 0.5)
  pattana!
  pry (~> 0.10.4)
  puma (~> 3.7)
  rails (~> 5.1.4)
  rspec-rails (~> 3.5)
  sass-rails (~> 5.0)
  sbidu_generators!
  selenium-webdriver
  shoulda
  spring
  spring-watcher-listen (~> 2.0.0)
  state_machines
  state_machines-activerecord
  therubyracer
  turbolinks (~> 5)
  uglifier (>= 1.3.0)
  usman!
  web-console (>= 3.3.0)

BUNDLED WITH
   1.16.0
